PATH
  remote: .
  specs:
    subdomainitis (0.9.21)
      rails (>= 3.0.3)

GEM
  specs:
    abstract (1.0.0)
    actionmailer (3.0.3)
      actionpack (= 3.0.3)
      mail (~> 2.2.9)
    actionpack (3.0.3)
      activemodel (= 3.0.3)
      activesupport (= 3.0.3)
      builder (~> 2.1.2)
      erubis (~> 2.6.6)
      i18n (~> 0.4)
      rack (~> 1.2.1)
      rack-mount (~> 0.6.13)
      rack-test (~> 0.5.6)
      tzinfo (~> 0.3.23)
    activemodel (3.0.3)
      activesupport (= 3.0.3)
      builder (~> 2.1.2)
      i18n (~> 0.4)
    activerecord (3.0.3)
      activemodel (= 3.0.3)
      activesupport (= 3.0.3)
      arel (~> 2.0.2)
      tzinfo (~> 0.3.23)
    activeresource (3.0.3)
      activemodel (= 3.0.3)
      activesupport (= 3.0.3)
    activesupport (3.0.3)
    arel (2.0.4)
    builder (2.1.2)
    diff-lcs (1.1.2)
    erubis (2.6.6)
      abstract (>= 1.0.0)
    i18n (0.4.2)
    mail (2.2.10)
      activesupport (>= 2.3.6)
      i18n (~> 0.4.1)
      mime-types (~> 1.16)
      treetop (~> 1.4.8)
    mime-types (1.16)
    polyglot (0.3.1)
    rack (1.2.1)
    rack-mount (0.6.13)
      rack (>= 1.0.0)
    rack-test (0.5.6)
      rack (>= 1.0)
    rails (3.0.3)
      actionmailer (= 3.0.3)
      actionpack (= 3.0.3)
      activerecord (= 3.0.3)
      activeresource (= 3.0.3)
      activesupport (= 3.0.3)
      bundler (~> 1.0)
      railties (= 3.0.3)
    railties (3.0.3)
      actionpack (= 3.0.3)
      activesupport (= 3.0.3)
      rake (>= 0.8.7)
      thor (~> 0.14.4)
    rake (0.8.7)
    rspec (2.0.0)
      rspec-core (= 2.0.0)
      rspec-expectations (= 2.0.0)
      rspec-mocks (= 2.0.0)
    rspec-core (2.0.0)
    rspec-expectations (2.0.0)
      diff-lcs (>= 1.1.2)
    rspec-mocks (2.0.0)
      rspec-core (= 2.0.0)
      rspec-expectations (= 2.0.0)
    rspec-rails (2.0.0)
      rspec (= 2.0.0)
    thor (0.14.4)
    treetop (1.4.9)
      polyglot (>= 0.3.1)
    tzinfo (0.3.23)

PLATFORMS
  ruby

DEPENDENCIES
  rails (>= 3.0.3)
  rake
  rspec
  rspec-rails
  subdomainitis!
